PATH
  remote: .
  specs:
    hetzner-api (1.2.0)
      httparty (~> 0.14.0)
      json
      thor
      xml-simple

GEM
  remote: https://rubygems.org/
  specs:
    aruba (0.7.4)
      childprocess (>= 0.3.6)
      cucumber (>= 1.1.1)
      rspec-expectations (>= 2.7.0)
    builder (3.2.3)
    childprocess (0.6.3)
      ffi (~> 1.0, >= 1.0.11)
    coveralls (0.8.20)
      json (>= 1.8, < 3)
      simplecov (~> 0.14.1)
      term-ansicolor (~> 1.3)
      thor (~> 0.19.4)
      tins (~> 1.6)
    cucumber (1.2.5)
      builder (>= 2.1.2)
      diff-lcs (>= 1.1.3)
      gherkin (~> 2.11.7)
      multi_json (~> 1.3)
    diff-lcs (1.1.3)
    docile (1.1.5)
    fakeweb (1.3.0)
    ffi (1.9.18)
    gherkin (2.11.8)
      multi_json (~> 1.3)
    httparty (0.14.0)
      multi_xml (>= 0.5.2)
    json (2.0.4)
    multi_json (1.12.1)
    multi_xml (0.6.0)
    rake (10.5.0)
    rspec (2.12.0)
      rspec-core (~> 2.12.0)
      rspec-expectations (~> 2.12.0)
      rspec-mocks (~> 2.12.0)
    rspec-core (2.12.2)
    rspec-expectations (2.12.1)
      diff-lcs (~> 1.1.3)
    rspec-mocks (2.12.2)
    simplecov (0.14.1)
      docile (~> 1.1.0)
      json (>= 1.8, < 3)
      simplecov-html (~> 0.10.0)
    simplecov-html (0.10.0)
    term-ansicolor (1.6.0)
      tins (~> 1.0)
    thor (0.19.4)
    tins (1.13.2)
    xml-simple (1.1.5)

PLATFORMS
  ruby

DEPENDENCIES
  aruba
  coveralls
  cucumber (~> 1.2.1)
  fakeweb (~> 1.3.0)
  hetzner-api!
  rake (< 11.0)
  rspec (~> 2.12.0)

BUNDLED WITH
   1.14.6
